GIT
  remote: git://github.com/nathanaeljones/hardwired.git
  revision: a20c3c9dc9289d6a90dc611d2fc692118e794c8b
  branch: develop
  specs:
    hardwired (0.4)
      erubis
      nokogiri
      sinatra (>= 1.3.3)
      tilt (>= 2.0.1)

GIT
  remote: https://github.com/imazen/doc_collector.git
  revision: fca06069ca57fa94035b2225fef91eb6425903f1
  specs:
    doc_collector (0.0.1)
      erubis
      github-markdown (~> 0.6.8)
      hardwired
      nokogiri
      rake
      rugged

GEM
  remote: https://rubygems.org/
  specs:
    erubis (2.7.0)
    github-markdown (0.6.9)
    hub (1.12.4)
    mini_portile2 (2.8.0)
    mustermann (3.0.0)
      ruby2_keywords (~> 0.0.1)
    nokogiri (1.13.8)
      mini_portile2 (~> 2.8.0)
      racc (~> 1.4)
    racc (1.6.0)
    rack (2.2.6.4)
    rack-protection (3.0.6)
      rack
    rake (13.0.1)
    ruby2_keywords (0.0.5)
    rugged (0.25.1.1)
    sinatra (3.0.6)
      mustermann (~> 3.0)
      rack (~> 2.2, >= 2.2.4)
      rack-protection (= 3.0.6)
      tilt (~> 2.0)
    tilt (2.1.0)

PLATFORMS
  ruby

DEPENDENCIES
  doc_collector!
  hardwired!
  hub
  rake (~> 13.0)

BUNDLED WITH
   1.14.6
